GEM
  specs:
    coffee-script (2.2.0)
      coffee-script-source
      execjs
    coffee-script-source (1.1.1)
    execjs (1.2.0)
      multi_json (~> 1.0)
    haml (3.1.2)
    multi_json (1.0.3)
    rack (1.3.0)
    sass (3.1.4)
    sinatra (1.2.6)
      rack (~> 1.1)
      tilt (< 2.0, >= 1.2.2)
    stamp (0.1.6)
    tilt (1.3.2)

PLATFORMS
  ruby

DEPENDENCIES
  coffee-script
  haml
  sass
  sinatra
  stamp
