GEM
  remote: http://rubygems.org/
  specs:
    configuration (1.3.1)
    haml (3.1.2)
    heroku (2.3.6)
      launchy (>= 0.3.2)
      rest-client (~> 1.6.1)
      term-ansicolor (~> 1.0.5)
    launchy (0.4.0)
      configuration (>= 0.0.5)
      rake (>= 0.8.1)
    mime-types (1.16)
    rack (1.3.0)
    rake (0.8.7)
    rest-client (1.6.3)
      mime-types (>= 1.16)
    sass (3.1.4)
    sinatra (1.2.6)
      rack (~> 1.1)
      tilt (< 2.0, >= 1.2.2)
    stamp (0.1.6)
    term-ansicolor (1.0.5)
    tilt (1.3.2)

PLATFORMS
  ruby

DEPENDENCIES
  haml
  heroku
  sass
  sinatra
  stamp
